GEM
  remote: http://rubygems.org/
  specs:
    active_support (3.0.0)
      activesupport (= 3.0.0)
    activesupport (3.0.0)
    commander (4.1.2)
      highline (~> 1.6.11)
    configatron (2.9.0)
      yamler (>= 0.1.0)
    crack (0.3.1)
    highline (1.6.11)
    i18n (0.6.0)
    ruby-fogbugz (0.1.1)
      crack
    terminal-table (1.4.5)
    yamler (0.1.0)

PLATFORMS
  ruby
  x86-mingw32

DEPENDENCIES
  active_support (>= 3.0.0)
  commander (>= 4.1.2)
  configatron
  i18n (>= 0.6.0)
  ruby-fogbugz (>= 0.1.1)
  terminal-table (>= 1.4.5)
