GEM
  remote: http://rubygems.org/
  specs:
    active_support (3.0.0)
      activesupport (= 3.0.0)
    activesupport (3.0.0)
    commander (4.1.2)
      highline (~> 1.6.11)
    crack (0.3.1)
    highline (1.6.11)
    rconfig (0.3.3)
      activesupport (>= 2.2.2)
    ruby-fogbugz (0.1.1)
      crack
    terminal-table (1.4.5)

PLATFORMS
  ruby
  x86-mingw32

DEPENDENCIES
  active_support (>= 3.0.0)
  commander (>= 4.1.2)
  rconfig (>= 0.3.3)
  ruby-fogbugz (>= 0.1.1)
  terminal-table
